GEM
  remote: https://rubygems.org/
  specs:
    activesupport (4.0.4)
      i18n (~> 0.6, >= 0.6.9)
      minitest (~> 4.2)
      multi_json (~> 1.3)
      thread_safe (~> 0.1)
      tzinfo (~> 0.3.37)
    atomic (1.1.16)
    chronic (0.10.2)
    fileutils (0.7)
      rmagick (>= 2.13.1)
    i18n (0.6.9)
    io-console (0.4.2)
    minitest (4.7.5)
    multi_json (1.9.2)
    mysql2 (0.3.15)
    psych (2.0.3)
    rmagick (2.13.2)
    thread_safe (0.3.1)
      atomic (>= 1.1.7, < 2)
    tzinfo (0.3.39)
    whenever (0.9.2)
      activesupport (>= 2.3.4)
      chronic (>= 0.6.3)

PLATFORMS
  ruby

DEPENDENCIES
  fileutils
  io-console
  mysql2
  psych
  whenever
